GEM
  remote: https://rubygems.org/
  specs:
    minitest (5.25.4)

PLATFORMS
  x86_64-linux

DEPENDENCIES
  minitest (~> 5.0)

BUNDLED WITH
   2.4.6
